PATH
  remote: .
  specs:
    coronavirus_updates (0.1.0)

GEM
  remote: https://rubygems.org/
  specs:
    byebug (10.0.2)
    rake (12.3.3)

PLATFORMS
  ruby

DEPENDENCIES
  byebug
  coronavirus_updates!
  rake (~> 12.3)

BUNDLED WITH
   2.1.4
