PATH
  remote: .
  specs:
    coronavirus_updates (0.1.0)

GEM
  remote: https://rubygems.org/
  specs:
    rake (13.0.1)

PLATFORMS
  ruby

DEPENDENCIES
  coronavirus_updates!
  rake (>= 12.3.3)

BUNDLED WITH
   2.1.4
